GEM
  remote: http://rubygems.org/
  specs:
    json (1.8.2)
    ocra (1.3.5)

PLATFORMS
  ruby
  x86-mingw32

DEPENDENCIES
  bundler
  json
  ocra
