GEM
  remote: https://rubygems.org/
  specs:
    json (1.8.2)
    ocra (1.3.5)

PLATFORMS
  ruby

DEPENDENCIES
  json
  ocra
